GEM
  remote: http://rubygems.org/
  specs:
    activesupport (3.1.0)
      multi_json (~> 1.0)
    awesome_print (0.4.0)
    blather (0.5.4)
      activesupport (>= 3.0.7)
      eventmachine (~> 0.12.6)
      minitest (>= 1.7.1)
      niceogiri (>= 0.0.4)
      nokogiri (~> 1.4.0)
    builder (3.0.0)
    ci_reporter (1.6.5)
      builder (>= 2.1.2)
    coderay (0.9.8)
    countdownlatch (1.0.0)
    diff-lcs (1.1.3)
    eventmachine (0.12.10)
    future-resource (0.0.2)
    json (1.6.1)
    method_source (0.6.5)
      ruby_parser (>= 2.0.5)
    minitest (2.6.0)
    multi_json (1.0.3)
    niceogiri (0.0.4)
      nokogiri (>= 1.4.0)
    nokogiri (1.4.7)
    pry (0.9.6)
      coderay (>= 0.9.8)
      method_source (>= 0.6.5)
      ruby_parser (>= 2.0.5)
      slop (~> 2.1.0)
    punchblock (0.4.0)
      activesupport (>= 2.1.0)
      blather (>= 0.5.3)
      future-resource (>= 0.0.2)
      niceogiri (>= 0.0.4)
      pry (>= 0.8.3)
      state_machine (>= 1.0.1)
    rake (0.9.2)
    rcov (0.9.10)
    rspec (2.6.0)
      rspec-core (~> 2.6.0)
      rspec-expectations (~> 2.6.0)
      rspec-mocks (~> 2.6.0)
    rspec-core (2.6.4)
    rspec-expectations (2.6.0)
      diff-lcs (~> 1.1.2)
    rspec-mocks (2.6.0)
    rspec-rayo (0.1.14)
      countdownlatch (>= 1.0.0)
      future-resource (>= 0.0.2)
      punchblock (>= 0.4.0)
      rspec (>= 2.6.0)
    ruby_parser (2.3.0)
      sexp_processor (~> 3.0)
    sexp_processor (3.0.6)
    slop (2.1.0)
    state_machine (1.0.2)

PLATFORMS
  ruby

DEPENDENCIES
  awesome_print
  bundler
  ci_reporter
  json
  punchblock (>= 0.4.0)
  rake
  rcov
  rspec
  rspec-rayo (>= 0.1.14)
