GIT
  remote: git@github.com:tropo/punchblock.git
  revision: a013513e630951aadf07e97dcd8e475a949e94cf
  branch: develop
  specs:
    punchblock (0.1.0)
      activesupport (>= 3.0.7)
      blather (>= 0.5.3)
      niceogiri (>= 0.0.4)
      pry (>= 0.8.3)
      state_machine (>= 1.0.1)

GIT
  remote: git@github.com:tropo/rspec-tropo2.git
  revision: 6bd236ff48c58b7cacd6d12a73c4e405b699c7a3
  branch: develop
  specs:
    rspec-rayo (0.1.0)
      countdownlatch (>= 1.0.0)
      punchblock (>= 0.1.0)
      rspec (>= 2.6.0)

GEM
  remote: http://rubygems.org/
  remote: http://geminabox.voxeolabs.com/
  specs:
    activesupport (3.0.9)
    awesome_print (0.4.0)
    blather (0.5.4)
      activesupport (>= 3.0.7)
      eventmachine (~> 0.12.6)
      minitest (>= 1.7.1)
      niceogiri (>= 0.0.4)
      nokogiri (~> 1.4.0)
    builder (3.0.0)
    ci_reporter (1.6.5)
      builder (>= 2.1.2)
    coderay (0.9.8)
    countdownlatch (1.0.0)
    diff-lcs (1.1.2)
    eventmachine (0.12.10)
    json (1.5.3)
    method_source (0.6.0)
      ruby_parser (>= 2.0.5)
    minitest (2.4.0)
    niceogiri (0.0.4)
      nokogiri (>= 1.4.0)
    nokogiri (1.4.7)
    pry (0.9.3)
      coderay (>= 0.9.8)
      method_source (>= 0.6.0)
      ruby_parser (>= 2.0.5)
      slop (~> 1.9.0)
    rake (0.9.2)
    rcov (0.9.10)
    rspec (2.6.0)
      rspec-core (~> 2.6.0)
      rspec-expectations (~> 2.6.0)
      rspec-mocks (~> 2.6.0)
    rspec-core (2.6.4)
    rspec-expectations (2.6.0)
      diff-lcs (~> 1.1.2)
    rspec-mocks (2.6.0)
    ruby_parser (2.0.6)
      sexp_processor (~> 3.0)
    sexp_processor (3.0.5)
    slop (1.9.1)
    state_machine (1.0.2)

PLATFORMS
  ruby

DEPENDENCIES
  awesome_print
  bundler
  ci_reporter
  json
  punchblock!
  rake
  rcov
  rspec
  rspec-rayo!
